GEM
  remote: https://rubygems.org/
  specs:
    builder (3.2.2)
    faker (1.6.3)
      i18n (~> 0.5)
    i18n (0.7.0)
    rsolr (1.1.1)
      builder (>= 2.1.2)
    ruby-progressbar (1.7.5)

PLATFORMS
  ruby

DEPENDENCIES
  faker
  rsolr
  ruby-progressbar

BUNDLED WITH
   1.12.3
